GEM
  remote: https://rubygems.org/
  specs:
    haml (4.0.0)
      tilt
    puma (3.12.4)
    puma (3.12.4-java)
    rack (1.6.13)
    rack-protection (1.5.0)
      rack
    sinatra (1.4.2)
      rack (~> 1.5, >= 1.5.2)
      rack-protection (~> 1.4)
      tilt (~> 1.3, >= 1.3.4)
    tilt (1.4.1)

PLATFORMS
  java
  ruby

DEPENDENCIES
  haml
  puma
  sinatra
