GEM
  remote: http://rubygems.org/
  specs:
    haml (4.0.0)
      tilt
    rake (10.0.4)
    rdiscount (2.0.7.1)
    sass (3.2.7)
    tilt (1.3.5)

PLATFORMS
  ruby

DEPENDENCIES
  haml
  rake
  rdiscount
  sass
